PATH
  remote: .
  specs:
    repo_bot (0.1.0)
      faraday
      octokit
      slop

GEM
  remote: https://rubygems.org/
  specs:
    addressable (2.5.2)
      public_suffix (>= 2.0.2, < 4.0)
    coderay (1.1.2)
    faraday (0.15.4)
      multipart-post (>= 1.2, < 3)
    method_source (0.9.2)
    minitest (5.11.3)
    multipart-post (2.0.0)
    octokit (4.13.0)
      sawyer (~> 0.8.0, >= 0.5.3)
    pry (0.12.2)
      coderay (~> 1.1.0)
      method_source (~> 0.9.0)
    public_suffix (3.0.3)
    rake (12.3.2)
    sawyer (0.8.1)
      addressable (>= 2.3.5, < 2.6)
      faraday (~> 0.8, < 1.0)
    slop (4.6.2)

PLATFORMS
  ruby

DEPENDENCIES
  bundler (~> 2.0)
  minitest (~> 5.0)
  pry
  rake
  repo_bot!

BUNDLED WITH
   2.0.1
