PATH
  remote: .
  specs:
    repo_bot (0.1.0)
      faraday

GEM
  remote: https://rubygems.org/
  specs:
    coderay (1.1.2)
    faraday (0.15.4)
      multipart-post (>= 1.2, < 3)
    method_source (0.9.2)
    minitest (5.11.3)
    multipart-post (2.0.0)
    pry (0.12.2)
      coderay (~> 1.1.0)
      method_source (~> 0.9.0)
    rake (12.3.2)

PLATFORMS
  ruby

DEPENDENCIES
  bundler (~> 2.0)
  minitest (~> 5.0)
  pry
  rake
  repo_bot!

BUNDLED WITH
   2.0.1
